GEM
  remote: https://rubygems.org/
  specs:
    ffi (1.17.0-x86_64-linux-gnu)
    listen (3.9.0)
      rb-fsevent (~> 0.10, >= 0.10.3)
      rb-inotify (~> 0.9, >= 0.9.10)
    mustermann (1.1.2)
      ruby2_keywords (~> 0.0.1)
    nio4r (2.7.3)
    puma (5.6.4)
      nio4r (~> 2.0)
    rack (2.2.9)
    rack-protection (2.2.0)
      rack
    rb-fsevent (0.11.2)
    rb-inotify (0.11.1)
      ffi (~> 1.0)
    rerun (0.13.1)
      listen (~> 3.0)
    ruby2_keywords (0.0.5)
    sinatra (2.2.0)
      mustermann (~> 1.0)
      rack (~> 2.2)
      rack-protection (= 2.2.0)
      tilt (~> 2.0)
    tilt (2.4.0)

PLATFORMS
  x86_64-linux

DEPENDENCIES
  puma (= 5.6.4)
  rerun (= 0.13.1)
  sinatra (= 2.2.0)

RUBY VERSION
   ruby 3.1.4p223

BUNDLED WITH
   2.3.10
